PATH
  remote: .
  specs:
    dwek (0.0.1)
      activerecord (> 4)
      activesupport (> 4)
      mysql2 (>= 0.3)
      racc (>= 1.4)

GEM
  remote: https://rubygems.org/
  specs:
    activemodel (4.2.3)
      activesupport (= 4.2.3)
      builder (~> 3.1)
    activerecord (4.2.3)
      activemodel (= 4.2.3)
      activesupport (= 4.2.3)
      arel (~> 6.0)
    activesupport (4.2.3)
      i18n (~> 0.7)
      json (~> 1.7, >= 1.7.7)
      minitest (~> 5.1)
      thread_safe (~> 0.3, >= 0.3.4)
      tzinfo (~> 1.1)
    arel (6.0.3)
    builder (3.2.2)
    faker (1.4.3)
      i18n (~> 0.5)
    i18n (0.7.0)
    json (1.8.3)
    minitest (5.8.0)
    mysql2 (0.3.19)
    racc (1.4.12)
    thread_safe (0.3.5)
    tzinfo (1.2.2)
      thread_safe (~> 0.1)

PLATFORMS
  ruby

DEPENDENCIES
  dwek!
  faker (>= 1.4)

BUNDLED WITH
   1.10.5
